PATH
  remote: .
  specs:
    data_structure_error_impl (1.4.4)
      data_structure_error (~> 1.1.3)

GEM
  remote: https://rubygems.org/
  specs:
    argument_type_error (1.0.3)
    data_structure_error (1.1.3)
      argument_type_error (= 1.0.3)
    docile (1.3.2)
    json (2.3.0)
    minitest (5.13.0)
    rake (12.3.3)
    simplecov (0.17.1)
      docile (~> 1.1)
      json (>= 1.8, < 3)
      simplecov-html (~> 0.10.0)
    simplecov-html (0.10.2)

PLATFORMS
  ruby

DEPENDENCIES
  bundler (~> 2.1.2)
  data_structure_error_impl!
  minitest (~> 5.0)
  rake (~> 12.3)
  simplecov (~> 0.17.1)

BUNDLED WITH
   2.1.2
